GEM
  remote: https://rubygems.org/
  specs:
    coffee-script (2.4.1)
      coffee-script-source
      execjs
    coffee-script-source (1.12.2)
    execjs (2.7.0)
    rubyzip (1.1.7)

PLATFORMS
  ruby

DEPENDENCIES
  coffee-script
  rubyzip

BUNDLED WITH
   1.13.7
