GEM
  remote: https://rubygems.org/
  specs:
    coffee-script (2.4.1)
      coffee-script-source
      execjs
    coffee-script-source (1.9.1.1)
    execjs (2.5.2)
    rubyzip (1.1.7)

PLATFORMS
  ruby

DEPENDENCIES
  coffee-script
  rubyzip
