GEM
  remote: https://rubygems.org/
  specs:
    coffee-script (2.2.0)
      coffee-script-source
      execjs
    coffee-script-source (1.6.3)
    execjs (2.0.2)
    rubyzip (1.1.0)

PLATFORMS
  ruby

DEPENDENCIES
  coffee-script
  rubyzip
